GIT
  remote: https://github.com/stevehodgkiss/guard-slim.git
  revision: b3fd678e5f33c1865bef383ba60a3aa39fde0f41
  specs:
    guard-slim (0.0.1)
      guard (>= 0.4.0)
      slim

GEM
  remote: http://rubygems.org/
  specs:
    ffi (1.0.11)
    guard (1.0.3)
      ffi (>= 0.5.0)
      thor (>= 0.14.6)
    slim (1.2.1)
      temple (~> 0.4.0)
      tilt (~> 1.3.3)
    temple (0.4.0)
    thor (0.15.2)
    tilt (1.3.3)

PLATFORMS
  ruby

DEPENDENCIES
  guard
  guard-slim!
  slim
